GEM
  remote: https://rubygems.org/
  specs:
    coverband (1.0.1)
      json
      redis
      simplecov
    docile (1.1.5)
    json (2.6.3)
    multi_json (1.10.1)
    redis (3.1.0)
    simplecov (0.9.1)
      docile (~> 1.1.0)
      multi_json (~> 1.0)
      simplecov-html (~> 0.8.0)
    simplecov-html (0.8.0)

PLATFORMS
  ruby

DEPENDENCIES
  coverband
